GEM
  remote: http://rubygems.org/
  specs:
    eventmachine (0.12.10)
    git (1.2.5)
    jeweler (1.5.2)
      bundler (~> 1.0.0)
      git (>= 1.2.5)
      rake
    rake (0.8.7)
    rcov (0.9.9)

PLATFORMS
  ruby

DEPENDENCIES
  bundler (~> 1.0.0)
  eventmachine (~> 0.12.10)
  jeweler (~> 1.5.2)
  rcov
